PATH
  remote: .
  specs:
    siwe (1.1.0)
      eth (~> 0.5.1)

GEM
  remote: https://rubygems.org/
  specs:
    ast (2.4.2)
    backport (1.2.0)
    benchmark (0.2.0)
    diff-lcs (1.5.0)
    e2mmap (0.1.0)
    eth (0.5.1)
      keccak (~> 1.3)
      konstructor (~> 1.0)
      openssl (~> 2.2)
      rbsecp256k1 (~> 5.1)
      scrypt (~> 3.0)
    ffi (1.15.5)
    ffi-compiler (1.0.1)
      ffi (>= 1.0.0)
      rake
    ipaddr (1.2.4)
    jaro_winkler (1.5.4)
    keccak (1.3.0)
    konstructor (1.0.2)
    kramdown (2.3.1)
      rexml
    kramdown-parser-gfm (1.1.0)
      kramdown (~> 2.0)
    mini_portile2 (2.7.1)
    nokogiri (1.13.1-x86_64-linux)
      racc (~> 1.4)
    openssl (2.2.1)
      ipaddr
    parallel (1.21.0)
    parser (3.1.0.0)
      ast (~> 2.4.1)
    pkg-config (1.4.7)
    racc (1.6.0)
    rainbow (3.1.1)
    rake (13.0.6)
    rbsecp256k1 (5.1.0)
      mini_portile2 (~> 2.7)
      pkg-config (~> 1.4)
      rubyzip (~> 2.3)
    regexp_parser (2.2.0)
    reverse_markdown (2.1.1)
      nokogiri
    rexml (3.2.5)
    rspec (3.10.0)
      rspec-core (~> 3.10.0)
      rspec-expectations (~> 3.10.0)
      rspec-mocks (~> 3.10.0)
    rspec-core (3.10.1)
      rspec-support (~> 3.10.0)
    rspec-expectations (3.10.2)
      diff-lcs (>= 1.2.0, < 2.0)
      rspec-support (~> 3.10.0)
    rspec-mocks (3.10.2)
      diff-lcs (>= 1.2.0, < 2.0)
      rspec-support (~> 3.10.0)
    rspec-support (3.10.3)
    rubocop (1.25.0)
      parallel (~> 1.10)
      parser (>= 3.1.0.0)
      rainbow (>= 2.2.2, < 4.0)
      regexp_parser (>= 1.8, < 3.0)
      rexml
      rubocop-ast (>= 1.15.1, < 2.0)
      ruby-progressbar (~> 1.7)
      unicode-display_width (>= 1.4.0, < 3.0)
    rubocop-ast (1.15.1)
      parser (>= 3.0.1.1)
    ruby-progressbar (1.11.0)
    rubyzip (2.3.2)
    scrypt (3.0.7)
      ffi-compiler (>= 1.0, < 2.0)
    solargraph (0.44.3)
      backport (~> 1.2)
      benchmark
      bundler (>= 1.17.2)
      diff-lcs (~> 1.4)
      e2mmap
      jaro_winkler (~> 1.5)
      kramdown (~> 2.3)
      kramdown-parser-gfm (~> 1.1)
      parser (~> 3.0)
      reverse_markdown (>= 1.0.5, < 3)
      rubocop (>= 0.52)
      thor (~> 1.0)
      tilt (~> 2.0)
      yard (~> 0.9, >= 0.9.24)
    thor (1.2.1)
    tilt (2.0.10)
    unicode-display_width (2.1.0)
    webrick (1.7.0)
    yard (0.9.27)
      webrick (~> 1.7.0)

PLATFORMS
  x86_64-linux

DEPENDENCIES
  rake (~> 13.0)
  rspec (~> 3.0)
  rubocop (~> 1.21)
  siwe!
  solargraph (~> 0.44)

BUNDLED WITH
   2.2.32
